PATH
  remote: .
  specs:
    exchange_rate (0.1.7)
      bigdecimal
      eu_central_bank
      handler_registerable
      nokogiri
      rake (~> 10.0)

GEM
  remote: https://rubygems.org/
  specs:
    bigdecimal (1.3.4)
    byebug (10.0.2)
    coderay (1.1.2)
    concurrent-ruby (1.0.5)
    diff-lcs (1.3)
    eu_central_bank (1.2.0)
      money (~> 6.10.1)
      nokogiri (~> 1.8.1)
    handler_registerable (0.0.1)
    i18n (0.9.5)
      concurrent-ruby (~> 1.0)
    method_source (0.9.0)
    mini_portile2 (2.3.0)
    money (6.10.1)
      i18n (>= 0.6.4, < 1.0)
    nokogiri (1.8.2)
      mini_portile2 (~> 2.3.0)
    pry (0.11.3)
      coderay (~> 1.1.0)
      method_source (~> 0.9.0)
    rake (10.5.0)
    rspec (3.7.0)
      rspec-core (~> 3.7.0)
      rspec-expectations (~> 3.7.0)
      rspec-mocks (~> 3.7.0)
    rspec-core (3.7.1)
      rspec-support (~> 3.7.0)
    rspec-expectations (3.7.0)
      diff-lcs (>= 1.2.0, < 2.0)
      rspec-support (~> 3.7.0)
    rspec-mocks (3.7.0)
      diff-lcs (>= 1.2.0, < 2.0)
      rspec-support (~> 3.7.0)
    rspec-support (3.7.1)

PLATFORMS
  ruby

DEPENDENCIES
  bundler (~> 1.16)
  byebug
  exchange_rate!
  pry
  rspec (~> 3.0)

BUNDLED WITH
   1.16.1
